GEM
  remote: https://rubygems.org/
  specs:
    addressable (2.8.7)
      public_suffix (>= 2.0.2, < 7.0)
    base64 (0.3.0)
    bcrypt (3.1.20)
    bcrypt-ruby (3.1.5)
      bcrypt (>= 3.1.3)
    daemons (1.4.1)
    data_objects (0.10.17)
      addressable (~> 2.1)
    date (3.4.1)
    dm-core (1.2.1)
      addressable (~> 2.3)
    dm-do-adapter (1.2.0)
      data_objects (~> 0.10.6)
      dm-core (~> 1.2.0)
    dm-migrations (1.2.0)
      dm-core (~> 1.2.0)
    dm-mysql-adapter (1.2.0)
      dm-do-adapter (~> 1.2.0)
      do_mysql (~> 0.10.6)
    dm-sqlite-adapter (1.2.0)
      dm-do-adapter (~> 1.2.0)
      do_sqlite3 (~> 0.10.6)
    dm-types (1.2.2)
      bcrypt-ruby (~> 3.0)
      dm-core (~> 1.2.0)
      fastercsv (~> 1.5)
      json (~> 1.6)
      multi_json (~> 1.0)
      stringex (~> 1.4)
      uuidtools (~> 2.1)
    do_mysql (0.10.17)
      data_objects (= 0.10.17)
    do_sqlite3 (0.10.17)
      data_objects (= 0.10.17)
    eventmachine (1.2.7)
    fastercsv (1.5.5)
    haml (5.2.2)
      temple (>= 0.8.0)
      tilt
    json (1.8.6)
    libxml-ruby (2.9.0)
    logger (1.7.0)
    mail (2.8.1)
      mini_mime (>= 0.1.1)
      net-imap
      net-pop
      net-smtp
    mini_mime (1.1.5)
    multi_json (1.15.0)
    mustermann (3.0.4)
      ruby2_keywords (~> 0.0.1)
    net-imap (0.4.22)
      date
      net-protocol
    net-pop (0.1.2)
      net-protocol
    net-protocol (0.2.2)
      timeout
    net-smtp (0.5.1)
      net-protocol
    pony (1.13.1)
      mail (>= 2.0)
    public_suffix (5.1.1)
    rack (2.2.20)
    rack-protection (3.2.0)
      base64 (>= 0.1.0)
      rack (~> 2.2, >= 2.2.4)
    rake (13.3.0)
    ratom (0.9.0)
      libxml-ruby (~> 2.6)
    ruby2_keywords (0.0.5)
    sinatra (3.2.0)
      mustermann (~> 3.0)
      rack (~> 2.2, >= 2.2.4)
      rack-protection (= 3.2.0)
      tilt (~> 2.0)
    stringex (1.5.1)
    temple (0.10.4)
    thin (2.0.1)
      daemons (~> 1.0, >= 1.0.9)
      eventmachine (~> 1.0, >= 1.0.4)
      logger
      rack (>= 1, < 4)
    tilt (2.6.1)
    timeout (0.4.3)
    uuidtools (2.2.0)
    warden (1.2.9)
      rack (>= 2.0.9)

PLATFORMS
  ruby

DEPENDENCIES
  dm-core
  dm-migrations
  dm-mysql-adapter
  dm-sqlite-adapter
  dm-types
  haml (~> 5)
  pony
  rack-protection (~> 3.2)
  rake
  ratom
  sinatra (~> 3.2)
  thin
  warden

BUNDLED WITH
   2.1.4
